GEM
  remote: http://rubygems.org/
  specs:
    rcov (0.9.8)
    rr (0.10.11)
    rspec (1.3.0)
    ruby-hmac (0.4.0)
    xml-simple (1.0.12)

PLATFORMS
  ruby

DEPENDENCIES
  rcov
  rr
  rspec
  ruby-hmac
  xml-simple
